GEM
  remote: https://rubygems.org/
  specs:
    redcarpet (3.5.0)

PLATFORMS
  ruby

DEPENDENCIES
  redcarpet (~> 3.5)

RUBY VERSION
   ruby 2.6.5p114

BUNDLED WITH
   2.0.2
